GEM
  remote: https://rubygems.org/
  specs:
    kramdown (2.3.0)
      rexml
    rexml (3.2.4)

PLATFORMS
  ruby

DEPENDENCIES
  kramdown (~> 2.3)

BUNDLED WITH
   2.0.2
